GEM
  remote: https://rubygems.org/
  specs:
    redis (4.6.0)

PLATFORMS
  x86_64-linux

DEPENDENCIES
  redis

BUNDLED WITH
   2.3.11
